GEM
  remote: https://rubygems.org/
  specs:
    debase (0.2.5.beta2)
      debase-ruby_core_source (>= 0.10.12)
    debase-ruby_core_source (3.3.1)
    diff-lcs (1.5.1)
    dry-inflector (1.0.0)
    rake (13.1.0)
    rspec (3.13.0)
      rspec-core (~> 3.13.0)
      rspec-expectations (~> 3.13.0)
      rspec-mocks (~> 3.13.0)
    rspec-core (3.13.0)
      rspec-support (~> 3.13.0)
    rspec-expectations (3.13.0)
      diff-lcs (>= 1.2.0, < 2.0)
      rspec-support (~> 3.13.0)
    rspec-mocks (3.13.0)
      diff-lcs (>= 1.2.0, < 2.0)
      rspec-support (~> 3.13.0)
    rspec-support (3.13.1)
    ruby-debug-ide (0.7.3)
      rake (>= 0.8.1)
    thor (1.3.1)

PLATFORMS
  arm64-darwin-22

DEPENDENCIES
  debase
  dry-inflector
  rspec
  ruby-debug-ide
  thor

BUNDLED WITH
   2.4.10
